GEM
  remote: https://rubygems.org/
  specs:
    RedCloth (4.2.9)
    actionmailer (2.3.18)
      actionpack (= 2.3.18)
    actionpack (2.3.18)
      activesupport (= 2.3.18)
      rack (~> 1.1.0)
    activerecord (2.3.18)
      activesupport (= 2.3.18)
    activeresource (2.3.18)
      activesupport (= 2.3.18)
    activesupport (2.3.18)
    bluecloth (2.2.0)
    i18n (0.7.0)
    iconv (1.0.4)
    json (1.8.3)
    money (5.0.0)
      i18n (~> 0.4)
      json
    power_assert (0.3.0)
    rack (1.1.6)
    rails (2.3.18)
      actionmailer (= 2.3.18)
      actionpack (= 2.3.18)
      activerecord (= 2.3.18)
      activeresource (= 2.3.18)
      activesupport (= 2.3.18)
      rake (>= 0.8.3)
    rake (0.9.6)
    redcarpet (2.1.1)
    rspec (1.3.2)
    rspec-rails (1.3.4)
      rack (>= 1.0.0)
      rspec (~> 1.3.1)
    sqlite3 (1.3.11)
    test-unit (3.1.8)
      power_assert
    yahoofinance (1.2.2)

PLATFORMS
  ruby

DEPENDENCIES
  RedCloth (~> 4.2.8)
  bluecloth (~> 2.2.0)
  iconv (~> 1.0.4)
  money (~> 5.0.0)
  rails (~> 2.3.18)
  rake (~> 0.9.2)
  redcarpet (~> 2.1.0)
  rspec-rails (~> 1.3.4)
  sqlite3
  test-unit (~> 3.1.8)
  yahoofinance (~> 1.2.2)

BUNDLED WITH
   1.12.3
